GEM
  remote: https://rubygems.org/
  specs:
    daemons (1.4.1)
    eventmachine (1.2.7)
    haml (6.1.1)
      temple (>= 0.8.2)
      thor
      tilt
    logger (1.5.3)
    matrix (0.4.2)
    mustermann (3.0.0)
      ruby2_keywords (~> 0.0.1)
    pdf-core (0.9.0)
    pp (0.4.0)
      prettyprint
    prawn (2.4.0)
      pdf-core (~> 0.9.0)
      ttfunk (~> 1.7)
    prettyprint (0.1.1)
    rack (2.2.7)
    rack-protection (3.0.6)
      rack
    rackup (1.0.0)
      rack (< 3)
      webrick
    ruby2_keywords (0.0.5)
    sinatra (3.0.6)
      mustermann (~> 3.0)
      rack (~> 2.2, >= 2.2.4)
      rack-protection (= 3.0.6)
      tilt (~> 2.0)
    sinatra-formhelpers-ng (1.9.1)
    singleton (0.1.1)
    temple (0.10.2)
    thin (1.8.2)
      daemons (~> 1.0, >= 1.0.9)
      eventmachine (~> 1.0, >= 1.0.4)
      rack (>= 1, < 3)
    thor (1.2.2)
    tilt (2.2.0)
    ttfunk (1.7.0)
    webrick (1.8.1)
    yaml (0.2.1)

PLATFORMS
  x86_64-linux

DEPENDENCIES
  haml
  logger
  matrix (~> 0.4)
  pp
  prawn
  rack
  rackup
  sinatra
  sinatra-formhelpers-ng
  singleton
  thin
  yaml

BUNDLED WITH
   2.4.10
